PATH
  remote: .
  specs:
    BuildComms (1.0.0)
      aws-sdk (~> 2.0)
      json

GEM
  remote: http://rubygems.org/
  specs:
    aws-sdk (2.10.54)
      aws-sdk-resources (= 2.10.54)
    aws-sdk-core (2.10.54)
      aws-sigv4 (~> 1.0)
      jmespath (~> 1.0)
    aws-sdk-resources (2.10.54)
      aws-sdk-core (= 2.10.54)
    aws-sigv4 (1.0.2)
    diff-lcs (1.3)
    jmespath (1.3.1)
    json (2.1.0)
    rspec (3.6.0)
      rspec-core (~> 3.6.0)
      rspec-expectations (~> 3.6.0)
      rspec-mocks (~> 3.6.0)
    rspec-core (3.6.0)
      rspec-support (~> 3.6.0)
    rspec-expectations (3.6.0)
      diff-lcs (>= 1.2.0, < 2.0)
      rspec-support (~> 3.6.0)
    rspec-mocks (3.6.0)
      diff-lcs (>= 1.2.0, < 2.0)
      rspec-support (~> 3.6.0)
    rspec-support (3.6.0)

PLATFORMS
  ruby

DEPENDENCIES
  BuildComms!
  rspec

BUNDLED WITH
   1.15.1
