PATH
  remote: .
  specs:
    BuildComms (1.1.1)
      aws-sdk (~> 2.0)
      json

GEM
  remote: http://rubygems.org/
  specs:
    aws-sdk (2.11.106)
      aws-sdk-resources (= 2.11.106)
    aws-sdk-core (2.11.106)
      aws-sigv4 (~> 1.0)
      jmespath (~> 1.0)
    aws-sdk-resources (2.11.106)
      aws-sdk-core (= 2.11.106)
    aws-sigv4 (1.0.3)
    diff-lcs (1.3)
    jmespath (1.4.0)
    json (2.1.0)
    rspec (3.8.0)
      rspec-core (~> 3.8.0)
      rspec-expectations (~> 3.8.0)
      rspec-mocks (~> 3.8.0)
    rspec-core (3.8.0)
      rspec-support (~> 3.8.0)
    rspec-expectations (3.8.1)
      diff-lcs (>= 1.2.0, < 2.0)
      rspec-support (~> 3.8.0)
    rspec-mocks (3.8.0)
      diff-lcs (>= 1.2.0, < 2.0)
      rspec-support (~> 3.8.0)
    rspec-support (3.8.0)

PLATFORMS
  ruby

DEPENDENCIES
  BuildComms!
  rspec

BUNDLED WITH
   1.16.2
